PATH
  remote: .
  specs:
    inspec (5.21.22)
      cookstyle
      faraday_middleware (>= 0.12.2, < 1.1)
      inspec-core (= 5.21.22)
      mongo (= 2.13.2)
      progress_bar (~> 1.3.3)
      rake
      train (~> 3.10)
      train-aws (~> 0.2)
      train-habitat (~> 0.1)
      train-winrm (~> 0.2)
    inspec-core (5.21.22)
      addressable (~> 2.4)
      chef-telemetry (~> 1.0, >= 1.0.8)
      faraday (>= 1, < 3)
      faraday-follow_redirects (~> 0.3)
      hashie (>= 3.4, < 5.0)
      license-acceptance (>= 0.2.13, < 3.0)
      method_source (>= 0.8, < 2.0)
      mixlib-log (~> 3.0)
      multipart-post (~> 2.0)
      parallel (~> 1.9)
      parslet (>= 1.5, < 2.0)
      pry (~> 0.13)
      rspec (>= 3.9, <= 3.11)
      rspec-its (~> 1.2)
      rubyzip (>= 1.2.2, < 3.0)
      semverse (~> 3.0)
      sslshake (~> 1.2)
      thor (>= 0.20, < 2.0)
      tomlrb (>= 1.2, < 2.1)
      train-core (~> 3.10)
      tty-prompt (~> 0.17)
      tty-table (~> 0.10)

PATH
  remote: inspec-bin
  specs:
    inspec-bin (5.21.22)
      inspec (= 5.21.22)

GEM
  remote: https://rubygems.org/
  specs:
    activesupport (7.0.4)
      concurrent-ruby (~> 1.0, >= 1.0.2)
      i18n (>= 1.6, < 2)
      minitest (>= 5.1)
      tzinfo (~> 2.0)
    addressable (2.8.1)
      public_suffix (>= 2.0.2, < 6.0)
    appbundler (0.13.4)
      mixlib-cli (>= 1.4, < 3.0)
      mixlib-shellout (>= 2.0, < 4.0)
    ast (2.4.2)
    aws-eventstream (1.2.0)
    aws-partitions (1.690.0)
    aws-sdk-alexaforbusiness (1.57.0)
      aws-sdk-core (~> 3, >= 3.165.0)
      aws-sigv4 (~> 1.1)
    aws-sdk-amplify (1.32.0)
      aws-sdk-core (~> 3, >= 3.120.0)
      aws-sigv4 (~> 1.1)
    aws-sdk-apigateway (1.80.0)
      aws-sdk-core (~> 3, >= 3.165.0)
      aws-sigv4 (~> 1.1)
    aws-sdk-apigatewayv2 (1.43.0)
      aws-sdk-core (~> 3, >= 3.165.0)
      aws-sigv4 (~> 1.1)
    aws-sdk-applicationautoscaling (1.51.0)
      aws-sdk-core (~> 3, >= 3.112.0)
      aws-sigv4 (~> 1.1)
    aws-sdk-athena (1.60.0)
      aws-sdk-core (~> 3, >= 3.165.0)
      aws-sigv4 (~> 1.1)
    aws-sdk-autoscaling (1.63.0)
      aws-sdk-core (~> 3, >= 3.112.0)
      aws-sigv4 (~> 1.1)
    aws-sdk-batch (1.47.0)
      aws-sdk-core (~> 3, >= 3.112.0)
      aws-sigv4 (~> 1.1)
    aws-sdk-budgets (1.51.0)
      aws-sdk-core (~> 3, >= 3.165.0)
      aws-sigv4 (~> 1.1)
    aws-sdk-cloudformation (1.73.0)
      aws-sdk-core (~> 3, >= 3.165.0)
      aws-sigv4 (~> 1.1)
    aws-sdk-cloudfront (1.73.0)
      aws-sdk-core (~> 3, >= 3.165.0)
      aws-sigv4 (~> 1.1)
    aws-sdk-cloudhsm (1.40.0)
      aws-sdk-core (~> 3, >= 3.165.0)
      aws-sigv4 (~> 1.1)
    aws-sdk-cloudhsmv2 (1.43.0)
      aws-sdk-core (~> 3, >= 3.165.0)
      aws-sigv4 (~> 1.1)
    aws-sdk-cloudtrail (1.55.0)
      aws-sdk-core (~> 3, >= 3.165.0)
      aws-sigv4 (~> 1.1)
    aws-sdk-cloudwatch (1.70.0)
      aws-sdk-core (~> 3, >= 3.165.0)
      aws-sigv4 (~> 1.1)
    aws-sdk-cloudwatchevents (1.46.0)
      aws-sdk-core (~> 3, >= 3.112.0)
      aws-sigv4 (~> 1.1)
    aws-sdk-cloudwatchlogs (1.59.0)
      aws-sdk-core (~> 3, >= 3.165.0)
      aws-sigv4 (~> 1.1)
    aws-sdk-codecommit (1.52.0)
      aws-sdk-core (~> 3, >= 3.165.0)
      aws-sigv4 (~> 1.1)
    aws-sdk-codedeploy (1.51.0)
      aws-sdk-core (~> 3, >= 3.165.0)
      aws-sigv4 (~> 1.1)
    aws-sdk-codepipeline (1.54.0)
      aws-sdk-core (~> 3, >= 3.165.0)
      aws-sigv4 (~> 1.1)
    aws-sdk-cognitoidentity (1.31.0)
      aws-sdk-core (~> 3, >= 3.112.0)
      aws-sigv4 (~> 1.1)
    aws-sdk-cognitoidentityprovider (1.53.0)
      aws-sdk-core (~> 3, >= 3.112.0)
      aws-sigv4 (~> 1.1)
    aws-sdk-configservice (1.86.0)
      aws-sdk-core (~> 3, >= 3.165.0)
      aws-sigv4 (~> 1.1)
    aws-sdk-core (3.168.4)
      aws-eventstream (~> 1, >= 1.0.2)
      aws-partitions (~> 1, >= 1.651.0)
      aws-sigv4 (~> 1.5)
      jmespath (~> 1, >= 1.6.1)
    aws-sdk-costandusagereportservice (1.42.0)
      aws-sdk-core (~> 3, >= 3.165.0)
      aws-sigv4 (~> 1.1)
    aws-sdk-databasemigrationservice (1.53.0)
      aws-sdk-core (~> 3, >= 3.112.0)
      aws-sigv4 (~> 1.1)
    aws-sdk-dynamodb (1.80.0)
      aws-sdk-core (~> 3, >= 3.165.0)
      aws-sigv4 (~> 1.1)
    aws-sdk-ec2 (1.356.0)
      aws-sdk-core (~> 3, >= 3.165.0)
      aws-sigv4 (~> 1.1)
    aws-sdk-ecr (1.57.0)
      aws-sdk-core (~> 3, >= 3.165.0)
      aws-sigv4 (~> 1.1)
    aws-sdk-ecrpublic (1.14.0)
      aws-sdk-core (~> 3, >= 3.165.0)
      aws-sigv4 (~> 1.1)
    aws-sdk-ecs (1.109.0)
      aws-sdk-core (~> 3, >= 3.165.0)
      aws-sigv4 (~> 1.1)
    aws-sdk-efs (1.57.0)
      aws-sdk-core (~> 3, >= 3.165.0)
      aws-sigv4 (~> 1.1)
    aws-sdk-eks (1.82.0)
      aws-sdk-core (~> 3, >= 3.165.0)
      aws-sigv4 (~> 1.1)
    aws-sdk-elasticache (1.83.0)
      aws-sdk-core (~> 3, >= 3.165.0)
      aws-sigv4 (~> 1.1)
    aws-sdk-elasticbeanstalk (1.52.0)
      aws-sdk-core (~> 3, >= 3.165.0)
      aws-sigv4 (~> 1.1)
    aws-sdk-elasticloadbalancing (1.41.0)
      aws-sdk-core (~> 3, >= 3.165.0)
      aws-sigv4 (~> 1.1)
    aws-sdk-elasticloadbalancingv2 (1.82.0)
      aws-sdk-core (~> 3, >= 3.165.0)
      aws-sigv4 (~> 1.1)
    aws-sdk-elasticsearchservice (1.68.0)
      aws-sdk-core (~> 3, >= 3.165.0)
      aws-sigv4 (~> 1.1)
    aws-sdk-emr (1.53.0)
      aws-sdk-core (~> 3, >= 3.121.2)
      aws-sigv4 (~> 1.1)
    aws-sdk-eventbridge (1.24.0)
      aws-sdk-core (~> 3, >= 3.112.0)
      aws-sigv4 (~> 1.1)
    aws-sdk-firehose (1.50.0)
      aws-sdk-core (~> 3, >= 3.165.0)
      aws-sigv4 (~> 1.1)
    aws-sdk-glue (1.88.0)
      aws-sdk-core (~> 3, >= 3.112.0)
      aws-sigv4 (~> 1.1)
    aws-sdk-guardduty (1.62.0)
      aws-sdk-core (~> 3, >= 3.165.0)
      aws-sigv4 (~> 1.1)
    aws-sdk-iam (1.73.0)
      aws-sdk-core (~> 3, >= 3.165.0)
      aws-sigv4 (~> 1.1)
    aws-sdk-kafka (1.52.0)
      aws-sdk-core (~> 3, >= 3.165.0)
      aws-sigv4 (~> 1.1)
    aws-sdk-kinesis (1.43.0)
      aws-sdk-core (~> 3, >= 3.165.0)
      aws-sigv4 (~> 1.1)
    aws-sdk-kms (1.61.0)
      aws-sdk-core (~> 3, >= 3.165.0)
      aws-sigv4 (~> 1.1)
    aws-sdk-lambda (1.88.0)
      aws-sdk-core (~> 3, >= 3.165.0)
      aws-sigv4 (~> 1.1)
    aws-sdk-mq (1.40.0)
      aws-sdk-core (~> 3, >= 3.120.0)
      aws-sigv4 (~> 1.1)
    aws-sdk-networkfirewall (1.22.0)
      aws-sdk-core (~> 3, >= 3.165.0)
      aws-sigv4 (~> 1.1)
    aws-sdk-networkmanager (1.27.0)
      aws-sdk-core (~> 3, >= 3.165.0)
      aws-sigv4 (~> 1.1)
    aws-sdk-organizations (1.59.0)
      aws-sdk-core (~> 3, >= 3.112.0)
      aws-sigv4 (~> 1.1)
    aws-sdk-ram (1.26.0)
      aws-sdk-core (~> 3, >= 3.112.0)
      aws-sigv4 (~> 1.1)
    aws-sdk-rds (1.169.0)
      aws-sdk-core (~> 3, >= 3.165.0)
      aws-sigv4 (~> 1.1)
    aws-sdk-redshift (1.87.0)
      aws-sdk-core (~> 3, >= 3.165.0)
      aws-sigv4 (~> 1.1)
    aws-sdk-route53 (1.69.0)
      aws-sdk-core (~> 3, >= 3.165.0)
      aws-sigv4 (~> 1.1)
    aws-sdk-route53domains (1.42.0)
      aws-sdk-core (~> 3, >= 3.165.0)
      aws-sigv4 (~> 1.1)
    aws-sdk-route53resolver (1.38.0)
      aws-sdk-core (~> 3, >= 3.165.0)
      aws-sigv4 (~> 1.1)
    aws-sdk-s3 (1.117.2)
      aws-sdk-core (~> 3, >= 3.165.0)
      aws-sdk-kms (~> 1)
      aws-sigv4 (~> 1.4)
    aws-sdk-s3control (1.43.0)
      aws-sdk-core (~> 3, >= 3.122.0)
      aws-sigv4 (~> 1.1)
    aws-sdk-secretsmanager (1.46.0)
      aws-sdk-core (~> 3, >= 3.112.0)
      aws-sigv4 (~> 1.1)
    aws-sdk-securityhub (1.74.0)
      aws-sdk-core (~> 3, >= 3.165.0)
      aws-sigv4 (~> 1.1)
    aws-sdk-servicecatalog (1.60.0)
      aws-sdk-core (~> 3, >= 3.112.0)
      aws-sigv4 (~> 1.1)
    aws-sdk-ses (1.41.0)
      aws-sdk-core (~> 3, >= 3.120.0)
      aws-sigv4 (~> 1.1)
    aws-sdk-shield (1.50.0)
      aws-sdk-core (~> 3, >= 3.165.0)
      aws-sigv4 (~> 1.1)
    aws-sdk-signer (1.32.0)
      aws-sdk-core (~> 3, >= 3.120.0)
      aws-sigv4 (~> 1.1)
    aws-sdk-simpledb (1.29.0)
      aws-sdk-core (~> 3, >= 3.120.0)
      aws-sigv2 (~> 1.0)
    aws-sdk-sms (1.41.0)
      aws-sdk-core (~> 3, >= 3.165.0)
      aws-sigv4 (~> 1.1)
    aws-sdk-sns (1.57.0)
      aws-sdk-core (~> 3, >= 3.165.0)
      aws-sigv4 (~> 1.1)
    aws-sdk-sqs (1.52.1)
      aws-sdk-core (~> 3, >= 3.165.0)
      aws-sigv4 (~> 1.1)
    aws-sdk-ssm (1.147.0)
      aws-sdk-core (~> 3, >= 3.165.0)
      aws-sigv4 (~> 1.1)
    aws-sdk-states (1.39.0)
      aws-sdk-core (~> 3, >= 3.112.0)
      aws-sigv4 (~> 1.1)
    aws-sdk-synthetics (1.19.0)
      aws-sdk-core (~> 3, >= 3.121.2)
      aws-sigv4 (~> 1.1)
    aws-sdk-transfer (1.34.0)
      aws-sdk-core (~> 3, >= 3.112.0)
      aws-sigv4 (~> 1.1)
    aws-sdk-waf (1.43.0)
      aws-sdk-core (~> 3, >= 3.122.0)
      aws-sigv4 (~> 1.1)
    aws-sigv2 (1.1.0)
    aws-sigv4 (1.5.2)
      aws-eventstream (~> 1, >= 1.0.2)
    azure_graph_rbac (0.17.2)
      ms_rest_azure (~> 0.12.0)
    azure_mgmt_key_vault (0.17.7)
      ms_rest_azure (~> 0.12.0)
    azure_mgmt_resources (0.18.2)
      ms_rest_azure (~> 0.12.0)
    azure_mgmt_security (0.19.0)
      ms_rest_azure (~> 0.12.0)
    azure_mgmt_storage (0.23.0)
      ms_rest_azure (~> 0.12.0)
    bcrypt_pbkdf (1.1.0.rc1)
    berkshelf (8.0.5)
      chef (>= 15.7.32)
      chef-config
      cleanroom (~> 1.0)
      concurrent-ruby (~> 1.0)
      minitar (>= 0.6)
      mixlib-archive (>= 1.1.4, < 2.0)
      mixlib-config (>= 2.2.5)
      mixlib-shellout (>= 2.0, < 4.0)
      octokit (~> 4.0)
      retryable (>= 2.0, < 4.0)
      solve (~> 4.0)
      thor (>= 0.20)
    bson (4.15.0)
    builder (3.2.4)
    byebug (11.1.3)
    chef (16.7.61)
      addressable
      bcrypt_pbkdf (= 1.1.0.rc1)
      bundler (>= 1.10)
      chef-config (= 16.7.61)
      chef-utils (= 16.7.61)
      chef-vault
      chef-zero (>= 14.0.11)
      diff-lcs (>= 1.2.4, < 1.4.0)
      ed25519 (~> 1.2)
      erubis (~> 2.7)
      ffi (>= 1.9.25)
      ffi-libarchive (~> 1.0, >= 1.0.3)
      ffi-yajl (~> 2.2)
      highline (>= 1.6.9, < 3)
      iniparse (~> 1.4)
      license-acceptance (>= 1.0.5, < 3)
      mixlib-archive (>= 0.4, < 2.0)
      mixlib-authentication (>= 2.1, < 4)
      mixlib-cli (>= 2.1.1, < 3.0)
      mixlib-log (>= 2.0.3, < 4.0)
      mixlib-shellout (>= 3.1.1, < 4.0)
      net-sftp (>= 2.1.2, < 4.0)
      net-ssh (>= 4.2, < 7)
      net-ssh-multi (~> 1.2, >= 1.2.1)
      ohai (~> 16.0)
      pastel
      plist (~> 3.2)
      proxifier (~> 1.0)
      syslog-logger (~> 1.6)
      train-core (~> 3.2, >= 3.2.28)
      train-winrm (>= 0.2.5)
      tty-prompt (~> 0.21)
      tty-screen (~> 0.6)
      tty-table (~> 0.11)
      uuidtools (~> 2.1.5)
    chef-config (16.7.61)
      addressable
      chef-utils (= 16.7.61)
      fuzzyurl
      mixlib-config (>= 2.2.12, < 4.0)
      mixlib-shellout (>= 2.0, < 4.0)
      tomlrb (~> 1.2)
    chef-telemetry (1.1.1)
      chef-config
      concurrent-ruby (~> 1.0)
    chef-utils (16.7.61)
    chef-vault (4.1.10)
    chef-zero (15.0.11)
      ffi-yajl (~> 2.2)
      hashie (>= 2.0, < 5.0)
      mixlib-log (>= 2.0, < 4.0)
      rack (~> 2.0, >= 2.0.6)
      uuidtools (~> 2.1)
      webrick
    chefstyle (2.2.2)
      rubocop (= 1.25.1)
    cleanroom (1.0.0)
    coderay (1.1.3)
    concurrent-ruby (1.1.10)
    cookstyle (7.32.1)
      rubocop (= 1.25.1)
    crack (0.4.5)
      rexml
    declarative (0.0.20)
    diff-lcs (1.3)
    docile (1.4.0)
    docker-api (2.2.0)
      excon (>= 0.47.0)
      multi_json
    domain_name (0.5.20190701)
      unf (>= 0.0.5, < 1.0.0)
    ecma-re-validator (0.4.0)
      regexp_parser (~> 2.2)
    ed25519 (1.3.0)
    erubi (1.12.0)
    erubis (2.7.0)
    excon (0.97.0)
    faraday (1.10.2)
      faraday-em_http (~> 1.0)
      faraday-em_synchrony (~> 1.0)
      faraday-excon (~> 1.1)
      faraday-httpclient (~> 1.0)
      faraday-multipart (~> 1.0)
      faraday-net_http (~> 1.0)
      faraday-net_http_persistent (~> 1.0)
      faraday-patron (~> 1.0)
      faraday-rack (~> 1.0)
      faraday-retry (~> 1.0)
      ruby2_keywords (>= 0.0.4)
    faraday-cookie_jar (0.0.7)
      faraday (>= 0.8.0)
      http-cookie (~> 1.0.0)
    faraday-em_http (1.0.0)
    faraday-em_synchrony (1.0.0)
    faraday-excon (1.1.0)
    faraday-follow_redirects (0.3.0)
      faraday (>= 1, < 3)
    faraday-httpclient (1.0.1)
    faraday-multipart (1.0.4)
      multipart-post (~> 2)
    faraday-net_http (1.0.1)
    faraday-net_http_persistent (1.2.0)
    faraday-patron (1.0.0)
    faraday-rack (1.0.0)
    faraday-retry (1.0.3)
    faraday_middleware (1.0.0)
      faraday (~> 1.0)
    ffi (1.15.5)
    ffi-libarchive (1.1.3)
      ffi (~> 1.0)
    ffi-yajl (2.4.0)
      libyajl2 (>= 1.2)
    fuzzyurl (0.9.0)
    git (1.13.0)
      addressable (~> 2.8)
      rchardet (~> 1.8)
    google-api-client (0.52.0)
      addressable (~> 2.5, >= 2.5.1)
      googleauth (~> 0.9)
      httpclient (>= 2.8.1, < 3.0)
      mini_mime (~> 1.0)
      representable (~> 3.0)
      retriable (>= 2.0, < 4.0)
      rexml
      signet (~> 0.12)
    googleauth (0.14.0)
      faraday (>= 0.17.3, < 2.0)
      jwt (>= 1.4, < 3.0)
      memoist (~> 0.16)
      multi_json (~> 1.11)
      os (>= 0.9, < 2.0)
      signet (~> 0.14)
    gssapi (1.3.1)
      ffi (>= 1.0.1)
    gyoku (1.4.0)
      builder (>= 2.1.2)
      rexml (~> 3.0)
    hana (1.3.7)
    hashdiff (1.0.1)
    hashie (4.1.0)
    highline (2.1.0)
    http-cookie (1.0.5)
      domain_name (~> 0.5)
    httpclient (2.8.3)
    i18n (1.12.0)
      concurrent-ruby (~> 1.0)
    inifile (3.0.0)
    iniparse (1.5.0)
    inquirer (0.2.1)
      term-ansicolor (>= 1.2.2)
    ipaddress (0.8.3)
    jmespath (1.6.2)
    json (2.6.3)
    json_schemer (0.2.18)
      ecma-re-validator (~> 0.3)
      hana (~> 1.3)
      regexp_parser (~> 2.0)
      uri_template (~> 0.7)
    jwt (2.6.0)
    kitchen-dokken (2.19.0)
      docker-api (>= 1.33, < 3)
      lockfile (~> 2.1)
      test-kitchen (>= 1.15, < 4)
    kitchen-inspec (2.6.1)
      hashie (>= 3.4, <= 5.0)
      inspec (>= 2.2.64, < 7.0)
      test-kitchen (>= 2.7, < 4)
    libyajl2 (2.1.0)
    license-acceptance (2.1.13)
      pastel (~> 0.7)
      tomlrb (>= 1.2, < 3.0)
      tty-box (~> 0.6)
      tty-prompt (~> 0.20)
    little-plugger (1.1.4)
    lockfile (2.1.3)
    logging (2.3.1)
      little-plugger (~> 1.1)
      multi_json (~> 1.14)
    m (1.6.1)
      method_source (>= 0.6.7)
      rake (>= 0.9.2.2)
    memoist (0.16.2)
    method_source (1.0.0)
    mini_mime (1.1.2)
    minitar (0.9)
    minitest (5.15.0)
    minitest-sprint (1.2.2)
      path_expander (~> 1.1)
    mixlib-archive (1.1.7)
      mixlib-log
    mixlib-authentication (3.0.10)
    mixlib-cli (2.1.8)
    mixlib-config (3.0.27)
      tomlrb
    mixlib-install (3.12.24)
      mixlib-shellout
      mixlib-versioning
      thor
    mixlib-log (3.0.9)
    mixlib-shellout (3.2.7)
      chef-utils
    mixlib-versioning (1.2.12)
    mocha (1.16.1)
    molinillo (0.8.0)
    mongo (2.13.2)
      bson (>= 4.8.2, < 5.0.0)
    ms_rest (0.7.6)
      concurrent-ruby (~> 1.0)
      faraday (>= 0.9, < 2.0.0)
      timeliness (~> 0.3.10)
    ms_rest_azure (0.12.0)
      concurrent-ruby (~> 1.0)
      faraday (>= 0.9, < 2.0.0)
      faraday-cookie_jar (~> 0.0.6)
      ms_rest (~> 0.7.6)
    multi_json (1.15.0)
    multipart-post (2.2.3)
    net-scp (4.0.0)
      net-ssh (>= 2.6.5, < 8.0.0)
    net-sftp (3.0.0)
      net-ssh (>= 5.0.0, < 7.0.0)
    net-ssh (6.1.0)
    net-ssh-gateway (2.0.0)
      net-ssh (>= 4.0.0)
    net-ssh-multi (1.2.1)
      net-ssh (>= 2.6.5)
      net-ssh-gateway (>= 1.2.0)
    nokogiri (1.13.10-x86_64-linux)
      racc (~> 1.4)
    nori (2.6.0)
    octokit (4.25.1)
      faraday (>= 1, < 3)
      sawyer (~> 0.9)
    ohai (16.17.0)
      chef-config (>= 14.12, < 17)
      chef-utils (>= 16.0, < 17)
      ffi (~> 1.9)
      ffi-yajl (~> 2.2)
      ipaddress
      mixlib-cli (>= 1.7.0)
      mixlib-config (>= 2.0, < 4.0)
      mixlib-log (>= 2.0.1, < 4.0)
      mixlib-shellout (~> 3.2, >= 3.2.5)
      plist (~> 3.1)
      train-core
      wmi-lite (~> 1.0)
    options (2.3.2)
    os (1.1.4)
    parallel (1.22.1)
    parser (3.2.0.0)
      ast (~> 2.4.1)
    parslet (1.8.2)
    pastel (0.8.0)
      tty-color (~> 0.5)
    path_expander (1.1.1)
    plist (3.6.0)
    progress_bar (1.3.3)
      highline (>= 1.6, < 3)
      options (~> 2.3.0)
    proxifier (1.0.3)
    pry (0.14.2)
      coderay (~> 1.1)
      method_source (~> 1.0)
    pry-byebug (3.10.1)
      byebug (~> 11.0)
      pry (>= 0.13, < 0.15)
    public_suffix (5.0.1)
    racc (1.6.2)
    rack (2.2.5)
    rainbow (3.1.1)
    rake (13.0.6)
    rb-readline (0.5.5)
    rchardet (1.8.0)
    regexp_parser (2.6.1)
    representable (3.2.0)
      declarative (< 0.1.0)
      trailblazer-option (>= 0.1.1, < 0.2.0)
      uber (< 0.2.0)
    retriable (3.1.2)
    retryable (3.0.5)
    rexml (3.2.5)
    rspec (3.11.0)
      rspec-core (~> 3.11.0)
      rspec-expectations (~> 3.11.0)
      rspec-mocks (~> 3.11.0)
    rspec-core (3.11.0)
      rspec-support (~> 3.11.0)
    rspec-expectations (3.11.1)
      diff-lcs (>= 1.2.0, < 2.0)
      rspec-support (~> 3.11.0)
    rspec-its (1.3.0)
      rspec-core (>= 3.0.0)
      rspec-expectations (>= 3.0.0)
    rspec-mocks (3.11.2)
      diff-lcs (>= 1.2.0, < 2.0)
      rspec-support (~> 3.11.0)
    rspec-support (3.11.1)
    rubocop (1.25.1)
      parallel (~> 1.10)
      parser (>= 3.1.0.0)
      rainbow (>= 2.2.2, < 4.0)
      regexp_parser (>= 1.8, < 3.0)
      rexml
      rubocop-ast (>= 1.15.1, < 2.0)
      ruby-progressbar (~> 1.7)
      unicode-display_width (>= 1.4.0, < 3.0)
    rubocop-ast (1.24.1)
      parser (>= 3.1.1.0)
    ruby-progressbar (1.11.0)
    ruby2_keywords (0.0.5)
    rubyntlm (0.6.3)
    rubyzip (2.3.2)
    sawyer (0.9.2)
      addressable (>= 2.3.5)
      faraday (>= 0.17.3, < 3)
    semverse (3.0.2)
    signet (0.17.0)
      addressable (~> 2.8)
      faraday (>= 0.17.5, < 3.a)
      jwt (>= 1.5, < 3.0)
      multi_json (~> 1.10)
    simplecov (0.22.0)
      docile (~> 1.1)
      simplecov-html (~> 0.11)
      simplecov_json_formatter (~> 0.1)
    simplecov-html (0.12.3)
    simplecov_json_formatter (0.1.4)
    solve (4.0.4)
      molinillo (~> 0.6)
      semverse (>= 1.1, < 4.0)
    sslshake (1.3.1)
    strings (0.2.1)
      strings-ansi (~> 0.2)
      unicode-display_width (>= 1.5, < 3.0)
      unicode_utils (~> 1.4)
    strings-ansi (0.2.0)
    sync (0.5.0)
    syslog-logger (1.6.8)
    term-ansicolor (1.7.1)
      tins (~> 1.0)
    test-kitchen (3.5.0)
      bcrypt_pbkdf (~> 1.0)
      chef-utils (>= 16.4.35)
      ed25519 (~> 1.2)
      license-acceptance (>= 1.0.11, < 3.0)
      mixlib-install (~> 3.6)
      mixlib-shellout (>= 1.2, < 4.0)
      net-scp (>= 1.1, < 5.0)
      net-ssh (>= 2.9, < 8.0)
      net-ssh-gateway (>= 1.2, < 3.0)
      thor (>= 0.19, < 2.0)
      winrm (~> 2.0)
      winrm-elevated (~> 1.0)
      winrm-fs (~> 1.1)
    thor (1.2.1)
    timeliness (0.3.10)
    tins (1.32.1)
      sync
    tomlrb (1.3.0)
    trailblazer-option (0.1.2)
    train (3.10.7)
      activesupport (>= 6.0.3.1)
      azure_graph_rbac (~> 0.16)
      azure_mgmt_key_vault (~> 0.17)
      azure_mgmt_resources (~> 0.15)
      azure_mgmt_security (~> 0.18)
      azure_mgmt_storage (~> 0.18)
      docker-api (>= 1.26, < 3.0)
      google-api-client (>= 0.23.9, <= 0.52.0)
      googleauth (>= 0.6.6, <= 0.14.0)
      inifile (~> 3.0)
      train-core (= 3.10.7)
      train-winrm (~> 0.2)
    train-aws (0.2.24)
      aws-sdk-alexaforbusiness (~> 1.0)
      aws-sdk-amplify (~> 1.32.0)
      aws-sdk-apigateway (~> 1.0)
      aws-sdk-apigatewayv2 (~> 1.0)
      aws-sdk-applicationautoscaling (>= 1.46, < 1.52)
      aws-sdk-athena (~> 1.0)
      aws-sdk-autoscaling (>= 1.22, < 1.64)
      aws-sdk-batch (>= 1.36, < 1.48)
      aws-sdk-budgets (~> 1.0)
      aws-sdk-cloudformation (~> 1.0)
      aws-sdk-cloudfront (~> 1.0)
      aws-sdk-cloudhsm (~> 1.0)
      aws-sdk-cloudhsmv2 (~> 1.0)
      aws-sdk-cloudtrail (~> 1.8)
      aws-sdk-cloudwatch (~> 1.13)
      aws-sdk-cloudwatchevents (>= 1.36, < 1.47)
      aws-sdk-cloudwatchlogs (~> 1.13)
      aws-sdk-codecommit (~> 1.0)
      aws-sdk-codedeploy (~> 1.0)
      aws-sdk-codepipeline (~> 1.0)
      aws-sdk-cognitoidentity (>= 1.26, < 1.32)
      aws-sdk-cognitoidentityprovider (>= 1.46, < 1.54)
      aws-sdk-configservice (~> 1.21)
      aws-sdk-core (~> 3.0)
      aws-sdk-costandusagereportservice (~> 1.6)
      aws-sdk-databasemigrationservice (>= 1.42, < 1.54)
      aws-sdk-dynamodb (~> 1.31)
      aws-sdk-ec2 (~> 1.70)
      aws-sdk-ecr (~> 1.18)
      aws-sdk-ecrpublic (~> 1.3)
      aws-sdk-ecs (~> 1.30)
      aws-sdk-efs (~> 1.0)
      aws-sdk-eks (~> 1.9)
      aws-sdk-elasticache (~> 1.0)
      aws-sdk-elasticbeanstalk (~> 1.0)
      aws-sdk-elasticloadbalancing (~> 1.8)
      aws-sdk-elasticloadbalancingv2 (~> 1.0)
      aws-sdk-elasticsearchservice (~> 1.0)
      aws-sdk-emr (~> 1.53.0)
      aws-sdk-eventbridge (~> 1.24.0)
      aws-sdk-firehose (~> 1.0)
      aws-sdk-glue (>= 1.71, < 1.89)
      aws-sdk-guardduty (~> 1.31)
      aws-sdk-iam (~> 1.13)
      aws-sdk-kafka (~> 1.0)
      aws-sdk-kinesis (~> 1.0)
      aws-sdk-kms (~> 1.13)
      aws-sdk-lambda (~> 1.0)
      aws-sdk-mq (~> 1.40.0)
      aws-sdk-networkfirewall (>= 1.6.0)
      aws-sdk-networkmanager (>= 1.13.0)
      aws-sdk-organizations (>= 1.17, < 1.60)
      aws-sdk-ram (>= 1.21, < 1.27)
      aws-sdk-rds (~> 1.43)
      aws-sdk-redshift (~> 1.0)
      aws-sdk-route53 (~> 1.0)
      aws-sdk-route53domains (~> 1.0)
      aws-sdk-route53resolver (~> 1.0)
      aws-sdk-s3 (~> 1.30)
      aws-sdk-s3control (~> 1.43.0)
      aws-sdk-secretsmanager (>= 1.42, < 1.47)
      aws-sdk-securityhub (~> 1.0)
      aws-sdk-servicecatalog (>= 1.48, < 1.61)
      aws-sdk-ses (~> 1.41.0)
      aws-sdk-shield (~> 1.30)
      aws-sdk-signer (~> 1.32.0)
      aws-sdk-simpledb (~> 1.29.0)
      aws-sdk-sms (~> 1.0)
      aws-sdk-sns (~> 1.9)
      aws-sdk-sqs (~> 1.10)
      aws-sdk-ssm (~> 1.0)
      aws-sdk-states (>= 1.35, < 1.40)
      aws-sdk-synthetics (~> 1.19.0)
      aws-sdk-transfer (>= 1.26, < 1.35)
      aws-sdk-waf (~> 1.43.0)
    train-core (3.10.7)
      addressable (~> 2.5)
      ffi (!= 1.13.0)
      json (>= 1.8, < 3.0)
      mixlib-shellout (>= 2.0, < 4.0)
      net-scp (>= 1.2, < 5.0)
      net-ssh (>= 2.9, < 8.0)
    train-habitat (0.2.22)
    train-winrm (0.2.13)
      winrm (>= 2.3.6, < 3.0)
      winrm-elevated (~> 1.2.2)
      winrm-fs (~> 1.0)
    tty-box (0.7.0)
      pastel (~> 0.8)
      strings (~> 0.2.0)
      tty-cursor (~> 0.7)
    tty-color (0.6.0)
    tty-cursor (0.7.1)
    tty-prompt (0.23.1)
      pastel (~> 0.8)
      tty-reader (~> 0.8)
    tty-reader (0.9.0)
      tty-cursor (~> 0.7)
      tty-screen (~> 0.8)
      wisper (~> 2.0)
    tty-screen (0.8.1)
    tty-table (0.12.0)
      pastel (~> 0.8)
      strings (~> 0.2.0)
      tty-screen (~> 0.8)
    tzinfo (2.0.5)
      concurrent-ruby (~> 1.0)
    uber (0.1.0)
    unf (0.1.4)
      unf_ext
    unf_ext (0.0.8.2)
    unicode-display_width (2.4.2)
    unicode_utils (1.4.0)
    uri_template (0.7.0)
    uuidtools (2.1.5)
    webmock (3.18.1)
      addressable (>= 2.8.0)
      crack (>= 0.3.2)
      hashdiff (>= 0.4.0, < 2.0.0)
    webrick (1.7.0)
    winrm (2.3.6)
      builder (>= 2.1.2)
      erubi (~> 1.8)
      gssapi (~> 1.2)
      gyoku (~> 1.0)
      httpclient (~> 2.2, >= 2.2.0.2)
      logging (>= 1.6.1, < 3.0)
      nori (~> 2.0)
      rubyntlm (~> 0.6.0, >= 0.6.3)
    winrm-elevated (1.2.3)
      erubi (~> 1.8)
      winrm (~> 2.0)
      winrm-fs (~> 1.0)
    winrm-fs (1.3.5)
      erubi (~> 1.8)
      logging (>= 1.6.1, < 3.0)
      rubyzip (~> 2.0)
      winrm (~> 2.0)
    wisper (2.0.1)
    wmi-lite (1.0.7)

PLATFORMS
  x86_64-linux
  x64-mingw-ucrt

DEPENDENCIES
  appbundler
  bcrypt_pbkdf
  berkshelf
  chef (~> 16.0)
  chefstyle (~> 2.2.2)
  concurrent-ruby (~> 1.0)
  ed25519
  ffi (>= 1.15.5)
  git
  inquirer
  inspec!
  inspec-bin!
  json_schemer (>= 0.2.1, < 0.2.19)
  kitchen-dokken (>= 2.11)
  kitchen-inspec (>= 2.0)
  m
  minitest (= 5.15.0)
  minitest-sprint (~> 1.0)
  mocha (~> 1.1)
  nokogiri (~> 1.9)
  pry (~> 0.10)
  pry-byebug
  rake (>= 10)
  rb-readline
  rspec (>= 3.10)
  ruby-progressbar (~> 1.8)
  simplecov (~> 0.21)
  simplecov_json_formatter
  test-kitchen (>= 2.8)
  webmock (~> 3.0)

BUNDLED WITH
   2.3.26
